PATH
  remote: .
  specs:
    standup_md (0.3.14)

GEM
  remote: https://rubygems.org/
  specs:
    docile (1.3.5)
    power_assert (2.0.0)
    rake (13.0.3)
    simplecov (0.21.2)
      docile (~> 1.1)
      simplecov-html (~> 0.11)
      simplecov_json_formatter (~> 0.1)
    simplecov-html (0.12.3)
    simplecov_json_formatter (0.1.2)
    test-unit (3.4.1)
      power_assert

PLATFORMS
  x86_64-darwin-20

DEPENDENCIES
  rake (~> 13.0, >= 13.0.1)
  simplecov
  standup_md!
  test-unit (~> 3.3, >= 3.3.5)

BUNDLED WITH
   2.2.16
