PATH
  remote: .
  specs:
    standup_md (0.1.1)

GEM
  remote: https://rubygems.org/
  specs:
    power_assert (1.2.0)
    rake (13.0.1)
    test-unit (3.3.5)
      power_assert

PLATFORMS
  ruby

DEPENDENCIES
  rake (~> 13.0, >= 13.0.1)
  standup_md!
  test-unit (~> 3.3, >= 3.3.5)

BUNDLED WITH
   2.1.4
