PATH
  remote: .
  specs:
    standup_md (0.1.0)

GEM
  remote: https://rubygems.org/
  specs:
    power_assert (1.2.0)
    rake (13.0.1)
    test-unit (3.3.5)
      power_assert

PLATFORMS
  ruby

DEPENDENCIES
  rake
  standup_md!
  test-unit

BUNDLED WITH
   1.17.2
